GEM
  remote: https://rubygems.org/
  specs:
    activemodel (3.2.12)
      activesupport (= 3.2.12)
      builder (~> 3.0.0)
    activesupport (3.2.12)
      i18n (~> 0.6)
      multi_json (~> 1.0)
    analytics-ruby (0.3.1)
      faraday (>= 0.8, < 0.10)
      faraday_middleware (>= 0.8, < 0.10)
      multi_json (~> 1.0)
    bson (1.8.6)
    bson_ext (1.8.6)
      bson (~> 1.8.6)
    builder (3.0.4)
    capistrano (2.15.4)
      highline
      net-scp (>= 1.0.0)
      net-sftp (>= 2.0.0)
      net-ssh (>= 2.0.14)
      net-ssh-gateway (>= 1.1.0)
    closure-compiler (1.1.10)
    coderay (1.0.9)
    content-security-policy (0.1.3)
      rack (~> 1.4)
    daemons (1.1.9)
    dotenv (0.7.0)
    eventmachine (1.0.3)
    faraday (0.8.7)
      multipart-post (~> 1.1)
    faraday_middleware (0.9.0)
      faraday (>= 0.7.4, < 0.9)
    ffi (1.9.0)
    foreman (0.63.0)
      dotenv (>= 0.7)
      thor (>= 0.13.6)
    formatador (0.2.4)
    guard (1.8.1)
      formatador (>= 0.2.4)
      listen (>= 1.0.0)
      lumberjack (>= 1.0.2)
      pry (>= 0.9.10)
      thor (>= 0.14.6)
    guard-haml (0.5)
      guard (>= 1.1)
      haml (>= 3.0)
    haml (4.0.3)
      tilt
    highline (1.6.19)
    hike (1.2.3)
    i18n (0.6.4)
    json (1.8.0)
    kramdown (1.0.2)
    libv8 (3.11.8.17)
    listen (1.2.2)
      rb-fsevent (>= 0.9.3)
      rb-inotify (>= 0.9)
      rb-kqueue (>= 0.2)
    lumberjack (1.0.4)
    mail (2.5.4)
      mime-types (~> 1.16)
      treetop (~> 1.4.8)
    memcache-client (1.8.5)
    method_source (0.8.1)
    mime-types (1.23)
    mini_portile (0.5.2)
    mongo (1.8.6)
      bson (~> 1.8.6)
    mongoid (3.1.4)
      activemodel (~> 3.2)
      moped (~> 1.4)
      origin (~> 1.0)
      tzinfo (~> 0.3.22)
    moped (1.5.0)
    multi_json (1.7.3)
    multipart-post (1.2.0)
    net-scp (1.1.1)
      net-ssh (>= 2.6.5)
    net-sftp (2.1.2)
      net-ssh (>= 2.6.5)
    net-ssh (2.6.7)
    net-ssh-gateway (1.2.0)
      net-ssh (>= 2.6.5)
    nokogiri (1.6.1)
      mini_portile (~> 0.5.0)
    origin (1.1.0)
    polyglot (0.3.3)
    pony (1.4.1)
      mail (> 2.0)
    pry (0.9.12.2)
      coderay (~> 1.0.5)
      method_source (~> 0.8)
      slop (~> 3.4)
    rack (1.5.2)
    rack-attack (2.2.0)
      rack
    rack-nocache (0.1.0)
    rack-noie (1.0)
    rack-protection (1.5.0)
      rack
    rack-ssl (1.3.3)
      rack
    rack_csrf (2.4.0)
      rack (>= 0.9)
    rake (10.0.4)
    rb-fsevent (0.9.3)
    rb-inotify (0.9.0)
      ffi (>= 0.5.0)
    rb-kqueue (0.2.0)
      ffi (>= 0.5.0)
    ref (1.0.5)
    rest-client (1.6.7)
      mime-types (>= 1.16)
    rinku (1.7.3)
    ruby-oembed (0.8.8)
    rvm-capistrano (1.3.0)
      capistrano (>= 2.0.0)
    sanitize (2.1.0)
      nokogiri (>= 1.4.4)
    sass (3.2.9)
    shotgun (0.9)
      rack (>= 1.0)
    sinatra (1.4.2)
      rack (~> 1.5, >= 1.5.2)
      rack-protection (~> 1.4)
      tilt (~> 1.3, >= 1.3.4)
    slodown (0.1.3)
      coderay (>= 1.0.0)
      kramdown (>= 0.14.0)
      rinku (>= 1.7.0)
      ruby-oembed (~> 0.8.8)
      sanitize (>= 2.0.0)
    slop (3.4.5)
    sprockets (2.10.0)
      hike (~> 1.2)
      multi_json (~> 1.0)
      rack (~> 1.0)
      tilt (~> 1.1, != 1.3.0)
    sprockets-sass (1.0.1)
      sprockets (~> 2.0)
      tilt (~> 1.1)
    srp-rb (1.0.0)
    stripe (1.8.3)
      multi_json (>= 1.0.4, < 2)
      rest-client (~> 1.4)
    therubyracer (0.11.4)
      libv8 (~> 3.11.8.12)
      ref
    thin (1.5.1)
      daemons (>= 1.0.9)
      eventmachine (>= 0.12.6)
      rack (>= 1.0.0)
    thor (0.18.1)
    tilt (1.4.1)
    treetop (1.4.12)
      polyglot
      polyglot (>= 0.3.1)
    tzinfo (0.3.37)

PLATFORMS
  ruby

DEPENDENCIES
  analytics-ruby
  bson_ext
  capistrano
  closure-compiler
  content-security-policy
  foreman
  guard
  guard-haml
  json
  memcache-client
  mongo
  mongoid
  pony
  rack (>= 1.5.2)
  rack-attack
  rack-nocache
  rack-noie
  rack-ssl
  rack_csrf
  rake
  rvm-capistrano
  sass
  shotgun
  sinatra
  slodown
  sprockets
  sprockets-sass
  srp-rb
  stripe
  therubyracer
  thin
